GEM
  remote: https://rubygems.org/
  specs:
    minitest (4.6.1)

PLATFORMS
  ruby

DEPENDENCIES
  minitest
